GEM
  specs:
    docile (1.1.3)
    multi_json (1.8.4)
    simplecov (0.8.2)
      docile (~> 1.1.0)
      multi_json
      simplecov-html (~> 0.8.0)
    simplecov-html (0.8.0)
    xml-simple (1.1.2)

PLATFORMS
  ruby

DEPENDENCIES
  simplecov
  xml-simple
